GEM
  remote: https://rubygems.org/
  specs:
    digest-crc (0.6.4)
      rake (>= 12.0.0, < 14.0.0)
    rake (13.0.6)
    serialport (1.3.2)
    slop (4.10.1)
    zeitwerk (2.6.8)

PLATFORMS
  x86_64-darwin-22

DEPENDENCIES
  digest-crc
  serialport (~> 1.3.2)
  slop (~> 4.10.1)
  zeitwerk (~> 2.6.8)

BUNDLED WITH
   2.4.6
