GEM
  remote: https://rubygems.org/
  specs:
    coderay (1.1.3)
    method_source (1.0.0)
    pry (0.14.2)
      coderay (~> 1.1)
      method_source (~> 1.0)
    serialport (1.3.2)
    slop (4.10.1)
    zeitwerk (2.6.8)

PLATFORMS
  x86_64-darwin-22

DEPENDENCIES
  pry (~> 0.14.2)
  serialport (~> 1.3.2)
  slop (~> 4.10.1)
  zeitwerk (~> 2.6.8)

BUNDLED WITH
   2.4.6
